GEM
  remote: https://rubygems.org/
  specs:
    rack (1.6.9)
    rack-protection (1.5.5)
      rack
    ruby_http_client (3.3.0)
    sendgrid-ruby (4.3.2)
      ruby_http_client (~> 3.0)
      sinatra (>= 1.4.7, < 3)
    sinatra (1.4.8)
      rack (~> 1.5)
      rack-protection (~> 1.4)
      tilt (>= 1.3, < 3)
    tilt (2.0.8)

PLATFORMS
  ruby

DEPENDENCIES
  sendgrid-ruby
  sinatra

BUNDLED WITH
   1.16.1
